GEM
  remote: https://rubygems.org/
  specs:
    byebug (11.0.1)
    require_all (3.0.0)

PLATFORMS
  ruby

DEPENDENCIES
  byebug
  require_all

RUBY VERSION
   ruby 2.7.0p0

BUNDLED WITH
   2.1.2
